##TITLE= Parameter file, TOPSPIN		Version 3.2
##JCAMPDX= 5.0
##DATATYPE= Parameter Values
##NPOINTS= 5119	$$ modification sequence number
##ORIGIN= Bruker BioSpin GmbH
##OWNER= nmrsu
$$ 2018-11-06 14:53:12.977 +0000  uleicester@CZC33343GD
$$ /opt/topspin3.2.6/conf/instr/spect/specpar
$$ process /opt/topspin3.2.6/prog/mod/cprserver
##$ANCIEN= (0..7)
0 0 0 0 0 0 0 0
##$BF1= 100.13
##$BF2= 100.13
##$BF3= 100.13
##$DEC= 1
##$DECB= 1
##$DEF19F= yes
##$DEFRSEL= yes
##$HPMOD= (0..7)
0 0 0 0 0 0 0 0
##$HPPRECH= (0..15)
-1 -1 -1 -1 -1 -1 -1 -1 -1 -1 -1 -1 -1 -1 -1 -1
##$LOCSW19F= -1
##$LOCSW2H= -1
##$NUC1= 1
##$NUC2= 10
##$NUC3= 12
##$NUC4= 0
##$NUC5= 0
##$NUC6= 0
##$NUC7= 0
##$NUC8= 0
##$NUCARR= (0..123)
899.79 899.79 138.123243461 959.751771655 685.454956182 132.413870219 349.692559026
126.436808193 96.670360318 288.688389655 226.251772599 64.999794841 91.174927085
121.97964444 846.648501577 71.032085978 238.01155101 55.081859567 234.457011596
178.762961907 364.241668442 69.0678804 88.160605391 73.384397978 41.987557617
23.046366259 60.556127939 218.574710331 50.725967179 50.739491022 89.711843351
236.671295809 50.860593758 223.050904642 29.133202666 213.493839145 80.405693293
238.583574507 255.573589245 56.298087714 215.961783157 274.406292922 31.387509538
154.067568511 171.603566823 46.948540784 225.433206642 243.001948312 34.62032004
86.87421162 294.415373047 38.995296974 44.091491584 83.647159774 220.234130043
58.638648455 59.869282241 202.527666515 41.436688183 46.441482125 28.671331461
41.17529019 36.42187058 41.872024581 190.894767492 199.691969332 196.745876915
197.167644479 294.400031627 320.615503256 335.537377673 215.324938788 116.605738644
235.472721542 283.881666485 180.025358279 250.233272609 74.177976766 118.017734102
89.38925064 99.993014851 118.72099197 127.101105154 275.515698 49.038555
30.232944 37.521243 30.952776 223.687794 98.796942 27.623553 36.261537
216.309516 30.952776 43.369878 192.015186 25.913952 74.592591 157.457005457
43.3788759 102.6120516 73.1619249 36.0545853 22.6477143 107.88122184 37.488733587
202.67409834 204.71662164 20.536186105 69.87229266 15.4583922 16.8350709
193.425912754 15.5573691 161.159785274 59.490362676 513.98884128 519.03340594
188.241457742 144.589846495 16.56873306 100 100 100
##$OBS= 1
##$OFFSF= (0..7)
0 0 0 0 0 0 0 0
##$OFFSH= (0..7)
4231.5000000599 0 0 0 0 0 0 0
##$OFFSX= (0..7)
4000 0 628 0 0 0 0 0
##$OFFSXAS= (0..7)
0 0 0 0 0 0 0 0
##$OFSF1= 0
##$OFSF2= 0
##$OFSH1= 0
##$OFSH2= 0
##$OFSH3= 0
##$OFSX1= 0
##$OFSX2= 0
##$OFSY= 0
##$PACOIL= (0..15)
0 0 0 0 0 0 0 0 0 0 0 0 0 0 0 0
##$PRECHAN= (0..15)
-1 3 0 1 5 4 -1 -1 -1 -1 -1 -1 -1 -1 -1 -1
##$RECPRE= (0..15)
-1 0 -1 -1 -1 -1 -1 -1 -1 -1 -1 -1 -1 -1 -1 -1
##$RECSEL= (0..15)
0 0 0 0 1 0 0 0 0 0 0 0 0 0 0 0
##$SELREC= (0..9)
0 0 0 0 0 0 0 0 0 0
##$SFO1= 899.794232
##$SFO2= 226.255773
##$SFO3= 91.174927
##$SFO4= 899.79
##$SFO5= 899.794232
##$SFO6= 899.794232
##$SFO7= 899.794232
##$SFO8= 899.794232
##$TY= (0..123)
0 0 0 0 0 0 0 0 0 0 0 0 0 0 0 0 0 0 0 0 0 0 0 0 0 0 0 0 0 0 0 0 0 0 0 0
0 0 0 0 0 0 0 0 0 0 0 0 0 0 0 0 0 0 0 0 0 0 0 0 0 0 0 0 0 0 0 0 0 0 0 0
0 0 0 0 0 0 0 0 0 0 0 0 0 0 0 0 0 0 0 0 0 0 0 0 0 0 0 0 0 0 0 0 0 0 0 0
0 0 0 0 0 0 0 0 0 0 0 0 0 0 0 0
##END=
