##TITLE= Parameter file, TopSpin 4.2.0
##JCAMPDX= 5.0
##DATATYPE= Parameter Values
##NPOINTS= 7	$$ modification sequence number
##ORIGIN= Bruker BioSpin GmbH
##OWNER= jk
$$ 2023-05-30 18:14:49.126 +0100  chris@eduroam-int-dhcp-98-164-210.ucl.ac.uk
$$ /Users/chris/.julia/dev/NMRTools/exampledata/pseudo2D_XSTE/1/pdata/1/proc2s
$$ process /opt/topspin4.2.0/prog/mod/proc2d
##$ABSF1= 0
##$ABSF2= 0
##$ABSG= 0
##$ABSL= 0
##$ALPHA= 0
##$AQORDER= 0
##$ASSFAC= 0
##$ASSFACI= 0
##$ASSFACX= 0
##$ASSWID= 0
##$AUNMP= <        >
##$AXLEFT= 0
##$AXNAME= <F1>
##$AXNUC= <15N>
##$AXRIGHT= 0.00478576387382332
##$AXTYPE= 0
##$AXUNIT= <s>
##$AZFE= 0.1
##$AZFW= 0.5
##$BCFW= 0
##$BC_mod= 0
##$BYTORDP= 0
##$COROFFS= 0
##$CY= 15
##$DATMOD= 1
##$DC= 0
##$DFILT= <>
##$DTYPP= 0
##$ERETIC= no
##$F1P= 0
##$F2P= 0
##$FCOR= 0
##$FTSIZE= 0
##$FT_mod= 0
##$GAMMA= 0
##$GB= 0
##$INTBC= 1
##$INTSCL= 1
##$ISEN= 128
##$LB= 0
##$LEV0= 0
##$LPBIN= 0
##$MAXI= 10000
##$MC2= 0
##$MEAN= 0
##$ME_mod= 0
##$MI= 1
##$MddCEXP= no
##$MddCT_SP= no
##$MddF180= no
##$MddLAMBDA= 0
##$MddMEMORY= 0
##$MddMERGE= 0
##$MddNCOMP= 0
##$MddNITER= 0
##$MddNOISE= 0
##$MddPHASE= 0
##$MddSEED= 0
##$MddSRSIZE= 0
##$Mdd_CsALG= 0
##$Mdd_CsLAMBDA= 0
##$Mdd_CsNITER= 0
##$Mdd_CsNORM= 0
##$Mdd_CsVE= yes
##$Mdd_CsZF= 0
##$Mdd_LrLAMBDA= 0
##$Mdd_LrNITER= 0
##$Mdd_LrRANK= 0
##$Mdd_LrZF= 0
##$Mdd_mod= 0
##$NCOEF= 0
##$NC_proc= -14
##$NLEV= 6
##$NOISF1= 0
##$NOISF2= 0
##$NSP= 0
##$NTH_PI= 0
##$NZP= 0
##$OFFSET= 133.5019
##$PC= 4
##$PHC0= 0
##$PHC1= 0
##$PH_mod= 0
##$PKNL= no
##$PPARMOD= 1
##$PPDIAG= 0
##$PPIPTYP= 0
##$PPMPNUM= 2147483647
##$PPRESOL= 1
##$PSCAL= 1
##$PSIGN= 0
##$PYNMP= <proc.py>
##$RDF1= 0
##$RDF2= 0
##$RDFWHM= 0
##$RDINT= 0
##$RDPOS= 0
##$REVERSE= no
##$SF= 50.649361
##$SI= 16
##$SIGF1= 0
##$SIGF2= 0
##$SINO= 16
##$SIOLD= 256
##$SPECTYP= <>
##$SREF_mod= 1
##$SREGLST= <.MeOH>
##$SSB= 0
##$STSI= 16
##$STSR= 0
##$SW_p= 33
##$SYMM= 0
##$S_DEV= 1808654
##$TDeff= 10
##$TDoff= 0
##$TI= <        >
##$TILT= no
##$TM1= 0
##$TM2= 0
##$TOPLEV= 0
##$USERP1= <user>
##$USERP10= <>
##$USERP2= <user>
##$USERP3= <user>
##$USERP4= <user>
##$USERP5= <user>
##$USERP6= <>
##$USERP7= <>
##$USERP8= <>
##$USERP9= <>
##$WDW= 0
##$XDIM= 16
##$YMAX_p= 324342506
##$YMIN_p= -6250035
##END=
