##TITLE= Parameter file, TopSpin 3.5 pl 6
##JCAMPDX= 5.0
##DATATYPE= Parameter Values
##NPOINTS= 102303	$$ modification sequence number
##ORIGIN= Bruker BioSpin GmbH
##OWNER= nmrsu
$$ 2021-12-21 14:04:57.030 +0000  waudbyc@cl-nmr-spec950
$$ /opt/topspin/conf/instr/spect/specpar
$$ process /opt/topspin3.5pl6/prog/mod/hconfserver
##$ANCIEN= (0..7)
0 0 0 0 0 0 0 0
##$BF1= 100.13
##$BF2= 100.13
##$BF3= 100.13
##$DEC= 1
##$DECB= 1
##$DEF19F= yes
##$DEFRSEL= yes
##$HPMOD= (0..7)
0 0 0 0 0 0 0 0
##$HPPRECH= (0..15)
-1 -1 -1 -1 -1 -1 -1 -1 -1 -1 -1 -1 -1 -1 -1 -1
##$HPSELECT= yes
##$LOCSW19F= -1
##$LOCSW2H= -1
##$NUC1= 1
##$NUC2= 10
##$NUC3= 12
##$NUC4= 0
##$NUC5= 0
##$NUC6= 0
##$NUC7= 0
##$NUC8= 0
##$NUCARR= (0..123)
950.45 950.45 145.89986191 1013.787740883 724.047458966 139.869039387 369.380958587
133.555456658 102.113097461 304.942130883 238.99084259 68.659414982 96.308262104
128.847345556 894.316527549 75.031336332 251.41208355 58.183079858 247.657416366
188.827678842 384.749212339 72.956542 93.124226091 77.516088263 44.351542179
24.343923373 63.965560631 230.880909362 53.581941903 53.596227167 94.762801891
249.996369266 53.724148232 235.609122481 30.773461001 225.513974833 84.93269673
252.016313129 269.962900119 59.467784113 228.120869093 289.855923168 33.154689918
162.741884763 181.265195309 49.591838749 238.12555291 256.683450331 36.5695142
91.765405744 310.991555043 41.190811199 46.573931891 88.356664341 232.633757765
61.940123167 63.240044128 213.930384467 43.76965768 49.056231661 30.285585512
43.49354245 38.472495686 44.229504399 201.64252966 210.935031788 207.823068398
208.26858233 310.975349871 338.666805665 354.428811844 227.448169097 123.170877977
248.730312839 299.864779461 190.161150687 264.321912837 78.354347145 124.662371639
94.422046557 105.622824176 125.40522435 134.257154885 291.02779 51.799525
31.93512 39.633765 32.69548 236.28187 104.35941 29.178815 38.303135 228.48818
32.69548 45.81169 202.82603 27.37296 78.792305 166.322153877 45.8211945
108.389318 77.2810895 38.0845315 23.9228265 113.9551532 39.599425242 214.0850607
216.2425822 21.69241499 73.8062443 16.328731 17.7829195 204.316183528 16.4332805
170.233407699 62.839790624 542.9274544 548.256038271 198.839833196 152.730547796
17.5015863 100 100 100
##$NUCOFFS= (0..127)
<1H> <13C> <15N> <2H> <> <> <> <> <> <> <> <> <> <> <> <> <> <> <> <> <>
<> <> <> <> <> <> <> <> <> <> <> <> <> <> <> <> <> <> <> <> <> <> <> <>
<> <> <> <> <> <> <> <> <> <> <> <> <> <> <> <> <> <> <> <> <> <> <> <>
<> <> <> <> <> <> <> <> <> <> <> <> <> <> <> <> <> <> <> <> <> <> <> <>
<> <> <> <> <> <> <> <> <> <> <> <> <> <> <> <> <> <> <> <> <> <> <> <>
<> <> <> <> <> <> <> <> <> <> <>
##$OBS= 1
##$OFFS= (0..127)
0 3425 0 0 0 0 0 0 0 0 0 0 0 0 0 0 0 0 0 0 0 0 0 0 0 0 0 0 0 0 0 0 0 0
0 0 0 0 0 0 0 0 0 0 0 0 0 0 0 0 0 0 0 0 0 0 0 0 0 0 0 0 0 0 0 0 0 0 0 0
0 0 0 0 0 0 0 0 0 0 0 0 0 0 0 0 0 0 0 0 0 0 0 0 0 0 0 0 0 0 0 0 0 0 0 0
0 0 0 0 0 0 0 0 0 0 0 0 0 0 0 0 0 0 0 0 0 0
##$OFFSF= (0..7)
-56337.79 0 0 0 0 0 0 0
##$OFFSH= (0..7)
4470 0 0 0 0 0 0 0
##$OFFSX= (0..7)
110 118 0 0 0 0 0 0
##$OFFSXAS= (0..7)
0 0 0 0 0 0 0 0
##$OFSF1= 0
##$OFSF2= 0
##$OFSH1= 0
##$OFSH2= 0
##$OFSH3= 0
##$OFSX1= 0
##$OFSX2= 0
##$OFSY= 0
##$PACOIL= (0..15)
0 0 0 0 0 0 0 0 0 0 0 0 0 0 0 0
##$PRECHAN= (0..15)
-1 5 0 1 4 2 -1 -1 -1 -1 -1 -1 -1 -1 -1 -1
##$RECPRE= (0..15)
-1 5 0 -1 -1 -1 -1 -1 -1 -1 -1 -1 -1 -1 -1 -1
##$RECPRFX= (0..15)
1 0 0 0 0 1 0 0 0 0 0 0 0 0 0 0
##$RECSEL= (0..15)
0 1 2 2 2 2 2 0 0 0 0 0 0 0 0 0
##$SELREC= (0..9)
0 0 0 0 0 0 0 0 0 0
##$SFO1= 950.454464
##$SFO2= 239.014742
##$SFO3= 96.319559
##$SFO4= 950.45
##$SFO5= 950.45
##$SFO6= 950.454467
##$SFO7= 950.454467
##$SFO8= 950.454467
##$TY= (0..123)
0 0 0 0 0 0 0 0 0 0 0 0 0 0 0 0 0 0 0 0 0 0 0 0 0 0 0 0 0 0 0 0 0 0 0 0
0 0 0 0 0 0 0 0 0 0 0 0 0 0 0 0 0 0 0 0 0 0 0 0 0 0 0 0 0 0 0 0 0 0 0 0
0 0 0 0 0 0 0 0 0 0 0 0 0 0 0 0 0 0 0 0 0 0 0 0 0 0 0 0 0 0 0 0 0 0 0 0
0 0 0 0 0 0 0 0 0 0 0 0 0 0 0 0
##END=
