##TITLE= Parameter file, TOPSPIN		Version 3.2
##JCAMPDX= 5.0
##DATATYPE= Parameter Values
##NPOINTS= 8062	$$ modification sequence number
##ORIGIN= Bruker BioSpin GmbH
##OWNER= nmrsu
$$ 2017-07-13 13:40:18.577 +0200  skistler@avance500.med.unc.edu
$$ /opt/topspin3.2pl2/conf/instr/spect/specpar
$$ process /opt/topspin3.2pl2/prog/mod/cprserver
##$ANCIEN= (0..7)
0 0 0 0 0 0 0 0
##$BF1= 100.13
##$BF2= 100.13
##$BF3= 100.13
##$DEC= 1
##$DECB= 1
##$DEF19F= yes
##$DEFRSEL= yes
##$HPMOD= (0..7)
0 0 0 0 0 0 0 0
##$HPPRECH= (0..15)
-1 -1 -1 -1 -1 -1 -1 -1 -1 -1 -1 -1 -1 -1 -1 -1
##$LOCSW19F= -1
##$LOCSW2H= -1
##$NUC1= 14
##$NUC2= 0
##$NUC3= 0
##$NUC4= 0
##$NUC5= 0
##$NUC6= 0
##$NUC7= 0
##$NUC8= 0
##$NUCARR= (0..123)
500.12 500.12 76.771465 533.447867 380.9886 73.598089 194.365622 70.275927
53.731182 160.458371 125.755274 36.128094 50.676719 67.798553 470.582968
39.480953 132.291242 30.615521 130.315563 99.359776 202.452287 38.389211
49.001302 40.788412 23.337465 12.809599 33.658221 121.487885 28.194435
28.201952 49.863509 131.546304 28.269263 123.975837 16.192775 118.663842
44.690978 132.609184 142.052549 31.291523 120.035572 152.520116 17.445761
85.633617 95.380451 26.094871 125.299965 135.064998 19.242617 48.286301
163.641535 21.674311 24.50687 46.492646 122.410221 32.59245 33.276459 112.56864
23.031281 25.813039 15.936059 22.885991 20.243952 23.273249 106.102859
110.992507 109.355014 109.58944 163.633007 178.204054 186.497909 119.681602
64.811636 130.880114 157.786705 100.061439 139.084302 41.229498 65.596449
49.684206 55.577976 65.987333 70.645156 153.136744 27.25654 16.804032 20.855004
17.204128 124.329832 54.913176 15.353684 20.154836 120.228848 17.204128
24.105784 106.725608 14.403456 41.459948 87.517529 24.110785 57.033685
40.664757 20.039808 12.58802 59.962388 20.836935 112.65003 113.785302 11.414394
38.836318 8.592062 9.357245 107.509716 8.647075 89.575603 33.065849 285.684548
288.488411 104.6281 80.365723 9.20921 100 100 100
##$OBS= 1
##$OFFSF= (0..7)
-58822.8999999956 0 0 0 0 0 0 0
##$OFFSH= (0..7)
2331.79999997901 2350.99999997601 0 0 0 0 0 0
##$OFFSX= (0..7)
6224.90000000653 11675.6000000038 0 0 0 0 0 0
##$OFFSXAS= (0..7)
0 0 0 0 0 0 0 0
##$OFSF1= 0
##$OFSF2= 0
##$OFSH1= 0
##$OFSH2= 0
##$OFSH3= 0
##$OFSX1= 0
##$OFSX2= 0
##$OFSY= 0
##$PACOIL= (0..15)
0 0 0 0 0 0 0 0 0 0 0 0 0 0 0 0
##$PRECHAN= (0..15)
-1 4 0 1 3 5 -1 -1 -1 -1 -1 -1 -1 -1 -1 -1
##$RECPRE= (0..15)
-1 0 -1 -1 -1 -1 -1 -1 -1 -1 -1 -1 -1 -1 -1 -1
##$RECSEL= (0..15)
0 0 0 0 1 0 0 0 0 0 0 0 0 0 0 0
##$SELREC= (0..9)
0 0 0 0 0 0 0 0 0 0
##$SFO1= 470.524145
##$SFO2= 500.12
##$SFO3= 500.12
##$SFO4= 500.12
##$SFO5= 500.123088
##$SFO6= 500.123088
##$SFO7= 500.123088
##$SFO8= 500.123088
##$TY= (0..123)
0 0 0 0 0 0 0 0 0 0 0 0 0 0 0 0 0 0 0 0 0 0 0 0 0 0 0 0 0 0 0 0 0 0 0 0
0 0 0 0 0 0 0 0 0 0 0 0 0 0 0 0 0 0 0 0 0 0 0 0 0 0 0 0 0 0 0 0 0 0 0 0
0 0 0 0 0 0 0 0 0 0 0 0 0 0 0 0 0 0 0 0 0 0 0 0 0 0 0 0 0 0 0 0 0 0 0 0
0 0 0 0 0 0 0 0 0 0 0 0 0 0 0 0
##END=
