##TITLE= Parameter file, TopSpin 4.2.0
##JCAMPDX= 5.0
##DATATYPE= Parameter Values
##NPOINTS= 2	$$ modification sequence number
##ORIGIN= Bruker BioSpin GmbH
##OWNER= waudbyc
$$ 2023-07-23 18:52:08.440 +0100  chris@johann.cust.communityfibre.co.uk
$$ /Users/chris/Documents/Work/mylona/kinetics/revision-measurements/chris_cJun_wt_211221/410/pdata/1/proc2
$$ process /opt/topspin4.2.0/prog/mod/dataserver
##$ABSF1= 1000
##$ABSF2= -1000
##$ABSG= 5
##$ABSL= 3
##$ALPHA= 0
##$AQORDER= 0
##$ASSFAC= 0
##$ASSFACI= 0
##$ASSFACX= 0
##$ASSWID= 0
##$AUNMP= <>
##$AXLEFT= 0
##$AXNAME= <>
##$AXNUC= <off>
##$AXRIGHT= 0
##$AXTYPE= 0
##$AXUNIT= <>
##$AZFE= 0.1
##$AZFW= 0.5
##$BCFW= 1
##$BC_mod= 0
##$BYTORDP= 0
##$COROFFS= 0
##$CY= 0
##$DATMOD= 0
##$DC= 1
##$DFILT= <>
##$DTYPP= 0
##$ERETIC= no
##$F1P= 0
##$F2P= 0
##$FCOR= 1
##$FTSIZE= 0
##$FT_mod= 0
##$GAMMA= 1
##$GB= 0.1
##$INTBC= 1
##$INTSCL= 1
##$ISEN= 128
##$LB= 0.3
##$LEV0= 0
##$LPBIN= 0
##$MAXI= 10000
##$MC2= 4
##$MEAN= 0
##$ME_mod= 2
##$MI= 0
##$MddCEXP= yes
##$MddCT_SP= no
##$MddF180= yes
##$MddLAMBDA= 0
##$MddMEMORY= 0
##$MddMERGE= 0
##$MddNCOMP= 0
##$MddNITER= 0
##$MddNOISE= 0
##$MddPHASE= 90
##$MddSEED= 0
##$MddSRSIZE= 0
##$Mdd_CsALG= 0
##$Mdd_CsLAMBDA= 1
##$Mdd_CsNITER= 0
##$Mdd_CsNORM= 0
##$Mdd_CsVE= yes
##$Mdd_CsZF= 0
##$Mdd_LrLAMBDA= 0
##$Mdd_LrNITER= 0
##$Mdd_LrRANK= 0
##$Mdd_LrZF= 0
##$Mdd_mod= 0
##$NCOEF= 16
##$NC_proc= 0
##$NLEV= 0
##$NOISF1= 0
##$NOISF2= 0
##$NSP= 0
##$NTH_PI= 0
##$NZP= 0
##$OFFSET= 1.79221e+10
##$PC= 4
##$PHC0= 90
##$PHC1= -180
##$PH_mod= 1
##$PKNL= no
##$PPARMOD= 0
##$PPDIAG= 0
##$PPIPTYP= 0
##$PPMPNUM= 0
##$PPRESOL= 1
##$PSCAL= 1
##$PSIGN= 0
##$PYNMP= <>
##$RDF1= 0
##$RDF2= 0
##$RDFWHM= 0
##$RDINT= 0
##$RDPOS= 0
##$REVERSE= no
##$SF= 96.308262104
##$SI= 128
##$SIGF1= 0
##$SIGF2= 0
##$SINO= 0
##$SIOLD= 128
##$SPECTYP= <>
##$SREF_mod= 1
##$SREGLST= <>
##$SSB= 2
##$STSI= 0
##$STSR= 0
##$SW_p= 3371.18355595
##$SYMM= 0
##$S_DEV= 0
##$TDeff= 0
##$TDoff= 0
##$TI= <>
##$TILT= no
##$TM1= 0.1
##$TM2= 0.9
##$TOPLEV= 0
##$USERP1= <>
##$USERP2= <>
##$USERP3= <>
##$USERP4= <>
##$USERP5= <>
##$WDW= 4
##$XDIM= 0
##$YMAX_p= 0
##$YMIN_p= 0
##END=
